PATH
  remote: .
  specs:
    qoa (0.0.1)
      nmatrix (~> 0.2)

GEM
  remote: https://rubygems.org/
  specs:
    backports (3.24.0)
    diff-lcs (1.5.0)
    nmatrix (0.2.4)
      packable (~> 1.3, >= 1.3.5)
    packable (1.3.16)
      backports
    rake (13.0.6)
    rspec (3.12.0)
      rspec-core (~> 3.12.0)
      rspec-expectations (~> 3.12.0)
      rspec-mocks (~> 3.12.0)
    rspec-core (3.12.1)
      rspec-support (~> 3.12.0)
    rspec-expectations (3.12.2)
      diff-lcs (>= 1.2.0, < 2.0)
      rspec-support (~> 3.12.0)
    rspec-mocks (3.12.5)
      diff-lcs (>= 1.2.0, < 2.0)
      rspec-support (~> 3.12.0)
    rspec-support (3.12.0)

PLATFORMS
  x86_64-darwin-22

DEPENDENCIES
  bundler (~> 2.0)
  nmatrix (~> 0.2.4)
  qoa!
  rake (~> 13.0)
  rspec

BUNDLED WITH
   2.4.7
